PATH
  remote: .
  specs:
    file_series (0.7.0)

GEM
  remote: https://rubygems.org/
  specs:
    ast (2.4.0)
    brakeman (4.6.1)
    builder (3.2.3)
    bundler-audit (0.6.1)
      bundler (>= 1.2.0, < 3)
      thor (~> 0.18)
    ci_reporter (2.0.0)
      builder (>= 2.1.2)
    ci_reporter_rspec (1.0.0)
      ci_reporter (~> 2.0)
      rspec (>= 2.14, < 4)
    diff-lcs (1.3)
    jaro_winkler (1.5.3)
    json (1.8.6)
    parallel (1.17.0)
    parser (2.6.4.1)
      ast (~> 2.4.0)
    rainbow (3.0.0)
    rake (12.3.3)
    rdoc (3.12.2)
      json (~> 1.4)
    rspec (3.8.0)
      rspec-core (~> 3.8.0)
      rspec-expectations (~> 3.8.0)
      rspec-mocks (~> 3.8.0)
    rspec-core (3.8.2)
      rspec-support (~> 3.8.0)
    rspec-expectations (3.8.4)
      diff-lcs (>= 1.2.0, < 2.0)
      rspec-support (~> 3.8.0)
    rspec-mocks (3.8.1)
      diff-lcs (>= 1.2.0, < 2.0)
      rspec-support (~> 3.8.0)
    rspec-support (3.8.2)
    rubocop (0.74.0)
      jaro_winkler (~> 1.5.1)
      parallel (~> 1.10)
      parser (>= 2.6)
      rainbow (>= 2.2.2, < 4.0)
      ruby-progressbar (~> 1.7)
      unicode-display_width (>= 1.4.0, < 1.7)
    rubocop-checkstyle_formatter (0.4.0)
      rubocop (>= 0.35.1)
    ruby-progressbar (1.10.1)
    thor (0.20.3)
    timecop (0.3.5)
    unicode-display_width (1.6.0)

PLATFORMS
  ruby

DEPENDENCIES
  brakeman
  bundler
  bundler-audit
  ci_reporter_rspec
  file_series!
  rake
  rdoc (~> 3.12)
  rspec
  rubocop
  rubocop-checkstyle_formatter
  timecop (= 0.3.5)

BUNDLED WITH
   1.17.3
